STORAGE: NONE
RESTRICTION: || (== netcoreapp3.1) (== netstandard2.0) (== netstandard2.1)
NUGET
  remote: https://api.nuget.org/v3/index.json
    Fable.Core (2.0.3)
      FSharp.Core (>= 4.5.2)
    Fable.Import.Browser (1.3)
      Fable.Core (>= 1.3.17)
    Fable.Import.VSCode (0.1.2)
      Fable.Core (>= 1.0.8)
      FSharp.Core (>= 4.2.1)
    Fable.Parsimmon (3.2)
      Fable.Core (>= 2.0)
      FSharp.Core (>= 4.5.2)
    FSharp.Core (4.7)
GITHUB
  remote: nojaf/fable-jest
    fable/Bindings.fs (60b934633faac4222683a097e73a59dec306543b)
    fable/Exports.fs (60b934633faac4222683a097e73a59dec306543b)
    fable/Matchers.fs (60b934633faac4222683a097e73a59dec306543b)